GEM
  remote: https://rubygems.org/
  specs:
    backports (3.11.4)
    better_errors (0.9.0)
      coderay (>= 1.0.0)
      erubis (>= 2.6.6)
    binding_of_caller (0.7.3)
      debug_inspector (>= 0.0.1)
    bio (1.4.3.0001)
    coderay (1.1.2)
    coffee-script (2.2.0)
      coffee-script-source
      execjs
    coffee-script-source (1.12.2)
    debug_inspector (0.0.3)
    erubis (2.7.0)
    eventmachine (1.0.9.1)
    execjs (2.7.0)
    haml (5.0.0)
      temple (>= 0.8.0)
      tilt
    hike (1.2.3)
    libv8 (3.16.14.19)
    macaddr (1.6.1)
      systemu (~> 2.5.0)
    multi_json (1.13.1)
    rack (1.6.11)
    rack-protection (1.5.5)
      rack
    rack-test (1.1.0)
      rack (>= 1.0, < 3)
    ref (2.0.0)
    sass (3.2.19)
    shotgun (0.9.2)
      rack (>= 1.0)
    sinatra (1.4.8)
      rack (~> 1.5)
      rack-protection (~> 1.4)
      tilt (>= 1.3, < 3)
    sinatra-contrib (1.4.7)
      backports (>= 2.0)
      multi_json
      rack-protection
      rack-test
      sinatra (~> 1.4.0)
      tilt (>= 1.3, < 3)
    sinatra-extension (1.0)
      sinatra-contrib
    sprockets (2.12.5)
      hike (~> 1.2)
      multi_json (~> 1.0)
      rack (~> 1.0)
      tilt (~> 1.1, != 1.3.0)
    systemu (2.5.2)
    temple (0.8.2)
    therubyracer (0.12.3)
      libv8 (~> 3.16.14.15)
      ref
    tilt (1.4.1)
    uuid (2.3.9)
      macaddr (~> 1.0)

PLATFORMS
  ruby

DEPENDENCIES
  better_errors (~> 0.9.0)
  binding_of_caller (~> 0.7.2)
  bio (~> 1.4.2)
  coffee-script (~> 2.2.0)
  eventmachine (~> 1.0.9.1)
  haml (~> 5.0.0)
  sass (~> 3.2.3)
  shotgun (~> 0.9)
  sinatra (~> 1.4)
  sinatra-contrib (~> 1.4)
  sinatra-extension (~> 1.0)
  sprockets (~> 2.12)
  systemu (~> 2.5.2)
  therubyracer (~> 0.12.0)
  uuid (~> 2.3.7)

BUNDLED WITH
   1.16.4
