GEM
  remote: https://rubygems.org/
  specs:
    better_errors (0.9.0)
      coderay (>= 1.0.0)
      erubis (>= 2.6.6)
    binding_of_caller (0.7.3)
      debug_inspector (>= 0.0.1)
    bio (1.4.3.0001)
    coderay (1.1.2)
    coffee-script (2.2.0)
      coffee-script-source
      execjs
    coffee-script-source (1.12.2)
    concurrent-ruby (1.1.10)
    debug_inspector (0.0.3)
    erubis (2.7.0)
    eventmachine (1.0.9.1)
    execjs (2.7.0)
    haml (3.1.8)
    libv8 (3.16.14.19)
    macaddr (1.6.1)
      systemu (~> 2.5.0)
    multi_json (1.15.0)
    mustermann (3.0.0)
      ruby2_keywords (~> 0.0.1)
    rack (2.2.4)
    rack-protection (3.0.4)
      rack
    ref (2.0.0)
    ruby2_keywords (0.0.5)
    sass (3.2.19)
    shotgun (0.9.2)
      rack (>= 1.0)
    sinatra (3.0.4)
      mustermann (~> 3.0)
      rack (~> 2.2, >= 2.2.4)
      rack-protection (= 3.0.4)
      tilt (~> 2.0)
    sinatra-contrib (3.0.4)
      multi_json
      mustermann (~> 3.0)
      rack-protection (= 3.0.4)
      sinatra (= 3.0.4)
      tilt (~> 2.0)
    sinatra-extension (1.0)
      sinatra-contrib
    sprockets (4.1.1)
      concurrent-ruby (~> 1.0)
      rack (> 1, < 3)
    systemu (2.5.2)
    therubyracer (0.12.3)
      libv8 (~> 3.16.14.15)
      ref
    tilt (2.0.11)
    uuid (2.3.9)
      macaddr (~> 1.0)

PLATFORMS
  ruby

DEPENDENCIES
  better_errors (~> 0.9.0)
  binding_of_caller (~> 0.7.2)
  bio (~> 1.4.2)
  coffee-script (~> 2.2.0)
  eventmachine (~> 1.0.9.1)
  haml (~> 3.1.4)
  sass (~> 3.2.3)
  shotgun (~> 0.9)
  sinatra (~> 3.0)
  sinatra-contrib (~> 3.0)
  sinatra-extension (~> 1.0)
  sprockets (~> 4.1)
  systemu (~> 2.5.2)
  therubyracer (~> 0.12.0)
  uuid (~> 2.3.7)

BUNDLED WITH
   1.16.4
